GEM
  remote: http://rubygems.org/
  specs:
    citrus (2.4.1)
    diff-lcs (1.1.3)
    path (1.3.0)
    rake (0.9.2.2)
    rspec (2.11.0)
      rspec-core (~> 2.11.0)
      rspec-expectations (~> 2.11.0)
      rspec-mocks (~> 2.11.0)
    rspec-core (2.11.1)
    rspec-expectations (2.11.1)
      diff-lcs (~> 1.1.3)
    rspec-mocks (2.11.1)
    sexpr (0.5.1)

PLATFORMS
  ruby

DEPENDENCIES
  citrus (~> 2.4)
  path (~> 1.2)
  rake (~> 0.9.2)
  rspec (~> 2.11)
  sexpr (~> 0.5.0)
