GEM
  remote: http://rubygems.org/
  specs:
    citrus (2.4.1)
    diff-lcs (1.2.5)
    path (1.3.0)
    rake (10.1.0)
    rspec (2.14.1)
      rspec-core (~> 2.14.0)
      rspec-expectations (~> 2.14.0)
      rspec-mocks (~> 2.14.0)
    rspec-core (2.14.7)
    rspec-expectations (2.14.4)
      diff-lcs (>= 1.1.3, < 2.0)
    rspec-mocks (2.14.4)
    sexpr (0.6.0)

PLATFORMS
  ruby

DEPENDENCIES
  citrus (~> 2.4)
  path (~> 1.3)
  rake (~> 10.0)
  rspec (~> 2.14)
  sexpr (~> 0.6.0)
